GEM
  remote: https://rubygems.org/
  specs:
    json (1.8.3)
    mini_portile2 (2.3.0)
    nokogiri (1.8.1)
      mini_portile2 (~> 2.3.0)
    sqlite3 (1.3.11)

PLATFORMS
  ruby

DEPENDENCIES
  json (~> 1.8, >= 1.8.3)
  nokogiri (~> 1.8, >= 1.8.1)
  sqlite3 (~> 1.3, >= 1.3.11)

RUBY VERSION
   ruby 2.3.3p222

BUNDLED WITH
   1.16.1
