GEM
  remote: https://rubygems.org/
  specs:
    json (1.8.3)
    mini_portile2 (2.0.0)
    nokogiri (1.6.7.2)
      mini_portile2 (~> 2.0.0.rc2)
    sqlite3 (1.3.11)

PLATFORMS
  ruby

DEPENDENCIES
  json (~> 1.8, >= 1.8.3)
  nokogiri (~> 1.6, >= 1.6.7.2)
  sqlite3 (~> 1.3, >= 1.3.11)

RUBY VERSION
   ruby 2.3.3p222

BUNDLED WITH
   1.13.6
